GEM
  remote: https://rubygems.org/
  specs:
    artoo (1.8.0)
      celluloid (>= 0.16.0.pre)
      celluloid-io (>= 0.16.0.pre)
      http (~> 0.6.1)
      multi_json (~> 1.10.1)
      pry (~> 0.9.0)
      rake
      reel (~> 0.5.0)
      robeaux (= 0.2.0)
      thor (~> 0.19.1)
    artoo-crazyflie (0.5.0)
      artoo (>= 1.6.0)
      hybridgroup-crubyflie
    celluloid (0.16.0)
      timers (~> 4.0.0)
    celluloid-io (0.16.1)
      celluloid (>= 0.16.0)
      nio4r (>= 1.0.0)
    coderay (1.1.0)
    ffi (1.9.6)
    hitimes (1.2.2)
    http (0.6.3)
      http_parser.rb (~> 0.6.0)
    http_parser.rb (0.6.0)
    hybridgroup-crubyflie (0.1.5)
      libusb
      trollop
    libusb (0.4.1)
      ffi (>= 1.0)
    method_source (0.8.2)
    multi_json (1.10.1)
    nio4r (1.0.1)
    pry (0.9.12.6)
      coderay (~> 1.0)
      method_source (~> 0.8)
      slop (~> 3.4)
    rake (10.4.2)
    reel (0.5.0)
      celluloid (>= 0.15.1)
      celluloid-io (>= 0.15.0)
      http (>= 0.6.0.pre)
      http_parser.rb (>= 0.6.0)
      websocket_parser (>= 0.1.6)
    robeaux (0.2.0)
    slop (3.6.0)
    thor (0.19.1)
    timers (4.0.1)
      hitimes
    trollop (2.0)
    websocket_parser (0.1.6)

PLATFORMS
  ruby

DEPENDENCIES
  artoo
  artoo-crazyflie
